GIT
  remote: http://github.com/ph7/system-timer.git
  revision: 38f44eb8ed7ac5992fb04d86e529b27c4500ad44
  specs:
    system_timer (1.1.1)

GEM
  remote: http://rubygems.org/
  specs:
    json (1.4.6)
    rack (1.2.1)
    redis (2.0.11)
    redis-namespace (0.8.0)
      redis (< 3.0.0)
    resque (1.10.0)
      json (~> 1.4.6)
      redis-namespace (~> 0.8.0)
      sinatra (>= 0.9.2)
      vegas (~> 0.1.2)
    resque-scheduler (1.9.6)
      redis (>= 2.0.1)
      resque (>= 1.8.0)
      rufus-scheduler
    rufus-scheduler (2.0.6)
    sinatra (1.0)
      rack (>= 1.0)
    vegas (0.1.8)
      rack (>= 1.0.0)

PLATFORMS
  ruby

DEPENDENCIES
  json
  resque-scheduler
  system_timer (= 1.1.1)!
